GIT
  remote: git://github.com/adyard/formtastic_datepicker_inputs.git
  revision: 644fb59c48fd03c777deefce2472a73359319cd4
  specs:
    formtastic_datepicker_inputs (1.0.0)
      actionpack (>= 3.1.0.rc4)
      activesupport (>= 3.1.0.rc4)
      formtastic (>= 2.0.0.rc3)
      i18n (>= 0.4.0)

GIT
  remote: git://github.com/grosser/fast_gettext.git
  revision: 5483a5bc3a87e7dc9f2efa6a77f6f8b470941d23
  specs:
    fast_gettext (0.5.13)

GIT
  remote: git://github.com/grosser/gettext_i18n_rails.git
  revision: f59b4b963cdbc2fe5d0d69d5b7b8f013898c3924
  specs:
    gettext_i18n_rails (0.3.0)
      fast_gettext

GIT
  remote: git://github.com/jellybob/activo-rails.git
  revision: a495334db1e17d291b7d811e66b1c6e003db895c
  specs:
    activo-rails (1.0.1)

GIT
  remote: git://github.com/mikepinde/carmen.git
  revision: c55dd56e7e86e817c96001d34dd0bbc73318e04f
  specs:
    carmen (0.2.4)

GIT
  remote: git://github.com/mikepinde/geocoder.git
  revision: 52a81dc80bfa3d45fa64ad73225656a4332f7f20
  specs:
    geocoder (0.9.9)
      json (>= 1.0.0)

GEM
  remote: http://rubygems.org/
  specs:
    Ascii85 (1.0.1)
    ZenTest (4.6.2)
    actionmailer (3.1.1)
      actionpack (= 3.1.1)
      mail (~> 2.3.0)
    actionpack (3.1.1)
      activemodel (= 3.1.1)
      activesupport (= 3.1.1)
      builder (~> 3.0.0)
      erubis (~> 2.7.0)
      i18n (~> 0.6)
      rack (~> 1.3.2)
      rack-cache (~> 1.1)
      rack-mount (~> 0.8.2)
      rack-test (~> 0.6.1)
      sprockets (~> 2.0.2)
    activemodel (3.1.1)
      activesupport (= 3.1.1)
      builder (~> 3.0.0)
      i18n (~> 0.6)
    activerecord (3.1.1)
      activemodel (= 3.1.1)
      activesupport (= 3.1.1)
      arel (~> 2.2.1)
      tzinfo (~> 0.3.29)
    activeresource (3.1.1)
      activemodel (= 3.1.1)
      activesupport (= 3.1.1)
    activesupport (3.1.1)
      multi_json (~> 1.0)
    acts_as_audited (2.0.0)
      rails (>= 3.0.3)
    addressable (2.2.6)
    annotate (2.4.0)
    arel (2.2.1)
    attrtastic (0.4.2)
      actionpack (>= 3.0)
      activesupport (>= 3.0)
    autotest (4.4.6)
      ZenTest (>= 4.4.1)
    autotest-fsevent (0.2.5)
      sys-uname
    autotest-growl (0.2.11)
    autotest-rails-pure (4.1.2)
    awesome_print (0.4.0)
    bcrypt-ruby (3.0.1)
    builder (3.0.0)
    capybara (1.0.1)
      mime-types (>= 1.16)
      nokogiri (>= 1.3.3)
      rack (>= 1.0.0)
      rack-test (>= 0.5.4)
      selenium-webdriver (~> 2.0)
      xpath (~> 0.1.4)
    childprocess (0.2.2)
      ffi (~> 1.0.6)
    coffee-rails (3.1.1)
      coffee-script (>= 2.2.0)
      railties (~> 3.1.0)
    coffee-script (2.2.0)
      coffee-script-source
      execjs
    coffee-script-source (1.1.2)
    devise (1.4.7)
      bcrypt-ruby (~> 3.0)
      orm_adapter (~> 0.0.3)
      warden (~> 1.0.3)
    diff-lcs (1.1.3)
    erubis (2.7.0)
    execjs (1.2.9)
      multi_json (~> 1.0)
    factory_girl (2.1.2)
      activesupport
    factory_girl_rails (1.2.0)
      factory_girl (~> 2.1.0)
      railties (>= 3.0.0)
    ffi (1.0.9)
    formtastic (2.0.2)
      rails (~> 3.0)
    haml (3.1.3)
    haml-rails (0.3.4)
      actionpack (~> 3.0)
      activesupport (~> 3.0)
      haml (~> 3.0)
      railties (~> 3.0)
    hike (1.2.1)
    hoptoad_notifier (2.4.11)
      activesupport
      builder
    i18n (0.6.0)
    jquery-rails (1.0.14)
      railties (~> 3.0)
      thor (~> 0.14)
    json (1.6.1)
    json_pure (1.6.1)
    launchy (2.0.5)
      addressable (~> 2.2.6)
    mail (2.3.0)
      i18n (>= 0.4.0)
      mime-types (~> 1.16)
      treetop (~> 1.4.8)
    meta_search (1.1.1)
      actionpack (~> 3.1.0)
      activerecord (~> 3.1.0)
      activesupport (~> 3.1.0)
      polyamorous (~> 0.5.0)
    mime-types (1.16)
    multi_json (1.0.3)
    nokogiri (1.5.0)
    orm_adapter (0.0.5)
    pdf-reader (0.10.0)
      Ascii85 (~> 1.0.0)
    pg (0.11.0)
    polyamorous (0.5.0)
      activerecord (~> 3.0)
    polyglot (0.3.2)
    prawn (0.12.0)
      pdf-reader (>= 0.9.0)
      ttfunk (~> 1.0.2)
    rack (1.3.3)
    rack-cache (1.1)
      rack (>= 0.4)
    rack-mount (0.8.3)
      rack (>= 1.0.0)
    rack-ssl (1.3.2)
      rack
    rack-test (0.6.1)
      rack (>= 1.0)
    rails (3.1.1)
      actionmailer (= 3.1.1)
      actionpack (= 3.1.1)
      activerecord (= 3.1.1)
      activeresource (= 3.1.1)
      activesupport (= 3.1.1)
      bundler (~> 1.0)
      railties (= 3.1.1)
    railties (3.1.1)
      actionpack (= 3.1.1)
      activesupport (= 3.1.1)
      rack-ssl (~> 1.3.2)
      rake (>= 0.8.7)
      rdoc (~> 3.4)
      thor (~> 0.14.6)
    rake (0.9.2)
    rdoc (3.10)
      json (~> 1.4)
    routing-filter (0.2.4)
      actionpack
    rspec (2.6.0)
      rspec-core (~> 2.6.0)
      rspec-expectations (~> 2.6.0)
      rspec-mocks (~> 2.6.0)
    rspec-core (2.6.4)
    rspec-expectations (2.6.0)
      diff-lcs (~> 1.1.2)
    rspec-mocks (2.6.0)
    rspec-rails (2.6.1)
      actionpack (~> 3.0)
      activesupport (~> 3.0)
      railties (~> 3.0)
      rspec (~> 2.6.0)
    rubyzip (0.9.4)
    sass (3.1.10)
    sass-rails (3.1.4)
      actionpack (~> 3.1.0)
      railties (~> 3.1.0)
      sass (>= 3.1.4)
      sprockets (~> 2.0.0)
      tilt (~> 1.3.2)
    selenium-webdriver (2.7.0)
      childprocess (>= 0.2.1)
      ffi (>= 1.0.7)
      json_pure
      rubyzip
    spork (0.9.0.rc9)
    sprockets (2.0.2)
      hike (~> 1.2)
      rack (~> 1.0)
      tilt (~> 1.1, != 1.3.0)
    sqlite3 (1.3.4)
    sys-uname (0.8.6)
    thor (0.14.6)
    tilt (1.3.3)
    treetop (1.4.10)
      polyglot
      polyglot (>= 0.3.1)
    ttfunk (1.0.2)
    tzinfo (0.3.30)
    uglifier (1.0.3)
      execjs (>= 0.3.0)
      multi_json (>= 1.0.2)
    vcard (0.1.1)
    warden (1.0.5)
      rack (>= 1.0)
    will_paginate (3.0.2)
    xpath (0.1.4)
      nokogiri (~> 1.3)

PLATFORMS
  ruby

DEPENDENCIES
  activo-rails!
  acts_as_audited
  annotate
  attrtastic
  autotest (~> 4.4.6)
  autotest-fsevent (~> 0.2.5)
  autotest-growl (~> 0.2.9)
  autotest-rails-pure (~> 4.1.2)
  awesome_print
  capybara (~> 1.0.0)
  carmen!
  coffee-rails (~> 3.1.0)
  devise (~> 1.4.2)
  factory_girl_rails (~> 1.1.rc1)
  fast_gettext!
  formtastic
  formtastic_datepicker_inputs!
  geocoder!
  gettext_i18n_rails!
  haml-rails
  hoptoad_notifier
  jquery-rails
  launchy (~> 2.0.5)
  meta_search
  pg
  prawn
  rack (= 1.3.3)
  rails (= 3.1.1)
  rake
  routing-filter
  rspec (~> 2.6.0)
  rspec-rails (~> 2.6.1)
  sass-rails (~> 3.1.0)
  spork (~> 0.9.0.rc9)
  sqlite3
  uglifier
  vcard
  will_paginate (~> 3.0.pre2)
